PATH
  remote: .
  specs:
    godofwar (0.1.1)
      rubyzip

GEM
  remote: https://rubygems.org/
  specs:
    rubyzip (1.2.2)

PLATFORMS
  ruby

DEPENDENCIES
  godofwar!

BUNDLED WITH
   2.0.1
